GIT
  remote: git@github.com:joeyschoblaska/sprinkle.git
  revision: 8bd3c312fabdb0b081747953dded717aa8cfa967
  specs:
    sprinkle (0.7.7)
      activesupport (>= 2.0.2)
      capistrano (>= 2.5.5, < 3)
      erubis (>= 2.7.0)
      highline (>= 1.4.0)
      open4 (>= 1.1.0)

GEM
  remote: https://rubygems.org/
  specs:
    activesupport (5.1.4)
      concurrent-ruby (~> 1.0, >= 1.0.2)
      i18n (~> 0.7)
      minitest (~> 5.1)
      tzinfo (~> 1.1)
    capistrano (2.15.9)
      highline
      net-scp (>= 1.0.0)
      net-sftp (>= 2.0.0)
      net-ssh (>= 2.0.14)
      net-ssh-gateway (>= 1.1.0)
    concurrent-ruby (1.0.5)
    erubis (2.7.0)
    highline (1.7.10)
    i18n (0.9.1)
      concurrent-ruby (~> 1.0)
    minitest (5.11.1)
    net-scp (1.2.1)
      net-ssh (>= 2.6.5)
    net-sftp (2.1.2)
      net-ssh (>= 2.6.5)
    net-ssh (4.2.0)
    net-ssh-gateway (2.0.0)
      net-ssh (>= 4.0.0)
    open4 (1.3.4)
    thread_safe (0.3.6)
    tzinfo (1.2.4)
      thread_safe (~> 0.1)

PLATFORMS
  ruby

DEPENDENCIES
  net-ssh-gateway
  sprinkle!

BUNDLED WITH
   1.16.0
